PATH
  remote: .
  specs:
    jara (1.0.0-java)
      aws-sdk-core
      puck

GEM
  remote: https://rubygems.org/
  specs:
    aws-sdk-core (2.0.0.rc6)
      builder (~> 3.0)
      jamespath
      multi_json (~> 1.0)
      multi_xml (~> 0.5)
    builder (3.2.2)
    diff-lcs (1.2.5)
    docile (1.1.3)
    jamespath (0.5.0)
    multi_json (1.9.2)
    multi_xml (0.5.5)
    puck (1.0.0.pre2)
    rake (10.1.0)
    rspec (2.14.1)
      rspec-core (~> 2.14.0)
      rspec-expectations (~> 2.14.0)
      rspec-mocks (~> 2.14.0)
    rspec-core (2.14.8)
    rspec-expectations (2.14.5)
      diff-lcs (>= 1.1.3, < 2.0)
    rspec-mocks (2.14.6)
    simplecov (0.8.2)
      docile (~> 1.1.0)
      multi_json
      simplecov-html (~> 0.8.0)
    simplecov-html (0.8.0)

PLATFORMS
  java

DEPENDENCIES
  jara!
  rake
  rspec
  simplecov
