PATH
  remote: ../../..
  specs:
    jara (1.1.1-java)
      aws-sdk-core
      puck

GEM
  remote: https://rubygems.org/
  specs:
    aws-sdk-core (2.0.23)
      builder (~> 3.0)
      jmespath (~> 1.0)
      multi_json (~> 1.0)
      multi_xml (~> 0.5)
    builder (3.2.2)
    coderay (1.1.0)
    ffi (1.9.6-java)
    jmespath (1.0.2)
      multi_json (~> 1.0)
    jruby-jars (1.7.11)
    method_source (0.8.2)
    multi_json (1.10.1)
    multi_xml (0.5.5)
    paint (0.9.0)
    pry (0.10.1-java)
      coderay (~> 1.1.0)
      method_source (~> 0.8.1)
      slop (~> 3.4)
      spoon (~> 0.0)
    puck (1.0.0.pre4)
    rake (10.4.2)
    slop (3.6.0)
    spoon (0.0.4)
      ffi

PLATFORMS
  java

DEPENDENCIES
  jara!
  jruby-jars (= 1.7.11)
  paint
  pry
  puck
  rake
